PATH
  remote: .
  specs:
    constellation (0.0.8)
      activemodel
      json
      simple_uuid
      thor
      thrift_client
      titan

GEM
  remote: http://rubygems.org/
  specs:
    activemodel (3.0.3)
      activesupport (= 3.0.3)
      builder (~> 2.1.2)
      i18n (~> 0.4)
    activesupport (3.0.3)
    builder (2.1.2)
    cassandra (0.9.0)
      json
      rake
      simple_uuid (>= 0.1.0)
      thrift_client (>= 0.6.0)
    diff-lcs (1.1.2)
    i18n (0.5.0)
    json (1.4.6)
    rake (0.8.7)
    rspec (2.4.0)
      rspec-core (~> 2.4.0)
      rspec-expectations (~> 2.4.0)
      rspec-mocks (~> 2.4.0)
    rspec-core (2.4.0)
    rspec-expectations (2.4.0)
      diff-lcs (~> 1.1.2)
    rspec-mocks (2.4.0)
    simple_uuid (0.1.1)
    thor (0.14.6)
    thrift (0.5.0)
    thrift_client (0.6.0)
      thrift (~> 0.5.0)
    titan (0.3.0)
      thor

PLATFORMS
  ruby

DEPENDENCIES
  activemodel
  cassandra (= 0.9.0)
  constellation!
  json
  rspec (>= 2.0.0)
  simple_uuid
  thor
  thrift_client
  titan
