PATH
  remote: .
  specs:
    constellation (0.0.0)

GEM
  remote: http://rubygems.org/
  specs:
    cassandra (0.10.0)
      json
      rake
      simple_uuid (>= 0.1.0)
      thrift_client (>= 0.4.0)
    fssm (0.1.4)
    json (1.4.6)
    macaddr (1.0.0)
    rake (0.8.7)
    rspec (1.3.0)
    simple_uuid (0.1.1)
    thor (0.14.2)
    thrift (0.2.0.4)
    thrift_client (0.5.0)
      thrift (~> 0.2.0)
    uuid (2.3.1)
      macaddr (~> 1.0)

PLATFORMS
  ruby

DEPENDENCIES
  cassandra
  constellation!
  fssm
  json
  rspec (>= 1.2.9)
  thor
  uuid
