PATH
  remote: .
  specs:
    constellation (0.0.5)
      activemodel
      cassandra
      json
      simple_uuid
      thor
      titan

GEM
  remote: http://rubygems.org/
  specs:
    activemodel (3.0.3)
      activesupport (= 3.0.3)
      builder (~> 2.1.2)
      i18n (~> 0.4)
    activesupport (3.0.3)
    builder (2.1.2)
    cassandra (0.10.0)
      json
      rake
      simple_uuid (>= 0.1.0)
      thrift_client (>= 0.4.0)
    diff-lcs (1.1.2)
    i18n (0.4.2)
    json (1.4.6)
    rake (0.8.7)
    rspec (2.1.0)
      rspec-core (~> 2.1.0)
      rspec-expectations (~> 2.1.0)
      rspec-mocks (~> 2.1.0)
    rspec-core (2.1.0)
    rspec-expectations (2.1.0)
      diff-lcs (~> 1.1.2)
    rspec-mocks (2.1.0)
    simple_uuid (0.1.1)
    thor (0.14.6)
    thrift (0.2.0.4)
    thrift_client (0.5.0)
      thrift (~> 0.2.0)
    titan (0.1.0)

PLATFORMS
  ruby

DEPENDENCIES
  activemodel
  cassandra
  constellation!
  json
  rspec (>= 1.2.9)
  simple_uuid
  thor
  titan
