PATH
  remote: .
  specs:
    constellation (0.0.1)

GEM
  remote: http://rubygems.org/
  specs:
    activemodel (3.0.0)
      activesupport (= 3.0.0)
      builder (~> 2.1.2)
      i18n (~> 0.4.1)
    activesupport (3.0.0)
    builder (2.1.2)
    cassandra (0.10.0)
      json
      rake
      simple_uuid (>= 0.1.0)
      thrift_client (>= 0.4.0)
    i18n (0.4.1)
    json (1.4.6)
    rake (0.8.7)
    rspec (1.3.0)
    simple_uuid (0.1.1)
    thor (0.14.2)
    thrift (0.2.0.4)
    thrift_client (0.5.0)
      thrift (~> 0.2.0)

PLATFORMS
  ruby

DEPENDENCIES
  activemodel
  cassandra
  constellation!
  json
  rspec (>= 1.2.9)
  simple_uuid
  thor
