PATH
  remote: .
  specs:
    constellation (0.0.0)

GEM
  remote: http://rubygems.org/
  specs:
    fssm (0.1.4)
    rspec (1.3.0)
    thor (0.14.0)

PLATFORMS
  ruby

DEPENDENCIES
  constellation!
  fssm
  rspec (>= 1.2.9)
  thor
